GEM
  remote: https://rubygems.org/
  specs:
    chartkick (1.3.2)
    coderay (1.1.0)
    faraday (0.9.1)
      multipart-post (>= 1.2, < 3)
    forecast_io (2.0.0)
      faraday
      hashie
      multi_json
    hashie (3.4.0)
    method_source (0.8.2)
    multi_json (1.11.0)
    multipart-post (2.0.0)
    pry (0.10.1)
      coderay (~> 1.1.0)
      method_source (~> 0.8.1)
      slop (~> 3.4)
    rack (1.6.0)
    rack-protection (1.5.3)
      rack
    sinatra (1.4.5)
      rack (~> 1.4)
      rack-protection (~> 1.4)
      tilt (~> 1.3, >= 1.3.4)
    slop (3.6.0)
    sqlite3 (1.3.10)
    tilt (1.4.1)

PLATFORMS
  ruby

DEPENDENCIES
  chartkick
  faraday
  forecast_io
  pry
  sinatra
  sqlite3
